GEM
  remote: https://rubygems.org/
  specs:
    backports (3.6.0)
    chunky_png (1.3.0)
    compass (0.12.4)
      chunky_png (~> 1.2)
      fssm (>= 0.2.7)
      sass (~> 3.2.17)
    daemons (1.1.9)
    dotenv (0.10.0)
    eventmachine (1.0.3)
    eventmachine (1.0.3-x86-mingw32)
    foreman (0.63.0)
      dotenv (>= 0.7)
      thor (>= 0.13.6)
    foreman (0.63.0-x86-mingw32)
      dotenv (>= 0.7)
      thor (>= 0.13.6)
      win32console (~> 1.3.0)
    fssm (0.2.10)
    haml (4.0.5)
      tilt
    multi_json (1.9.2)
    oj (2.6.1)
    puma (2.8.1)
      rack (>= 1.1, < 2.0)
    rack (1.6.4)
    rack-protection (1.5.2)
      rack
    rack-test (0.6.2)
      rack (>= 1.0)
    sass (3.2.18)
    sinatra (1.4.4)
      rack (~> 1.4)
      rack-protection (~> 1.4)
      tilt (~> 1.3, >= 1.3.4)
    sinatra-contrib (1.4.2)
      backports (>= 2.0)
      multi_json
      rack-protection
      rack-test
      sinatra (~> 1.4.0)
      tilt (~> 1.3)
    thin (1.6.2)
      daemons (>= 1.0.9)
      eventmachine (>= 1.0.0)
      rack (>= 1.0.0)
    thor (0.19.1)
    tilt (1.4.1)
    win32console (1.3.2-x86-mingw32)

PLATFORMS
  ruby
  x86-mingw32

DEPENDENCIES
  compass
  foreman
  haml
  multi_json
  oj
  puma
  sass
  sinatra
  sinatra-contrib
  thin
