GEM
  remote: https://rubygems.org/
  specs:
    backports (2.3.0)
    chunky_png (1.2.8)
    compass (0.12.2)
      chunky_png (~> 1.2)
      fssm (>= 0.2.7)
      sass (~> 3.1)
    daemons (1.1.4)
    eventmachine (1.0.3)
    eventmachine (1.0.3-x86-mingw32)
    fssm (0.2.10)
    haml (4.0.3)
      tilt
    multi_json (1.7.9)
    oj (2.0.14)
    rack (1.4.1)
    rack-protection (1.2.0)
      rack
    rack-test (0.6.1)
      rack (>= 1.0)
    sass (3.2.10)
    sinatra (1.3.2)
      rack (~> 1.3, >= 1.3.6)
      rack-protection (~> 1.2)
      tilt (~> 1.3, >= 1.3.3)
    sinatra-contrib (1.3.1)
      backports (>= 2.0)
      eventmachine
      rack-protection
      rack-test
      sinatra (~> 1.3.0)
      tilt (~> 1.3)
    thin (1.3.1)
      daemons (>= 1.0.9)
      eventmachine (>= 0.12.6)
      rack (>= 1.0.0)
    tilt (1.3.3)

PLATFORMS
  ruby
  x86-mingw32

DEPENDENCIES
  compass
  eventmachine
  haml
  multi_json
  oj
  sass
  sinatra
  sinatra-contrib
  thin
